##TITLE=Parameter List, ParaVision 6.0.1
##JCAMPDX=4.24
##DATATYPE=Parameter Values
##ORIGIN=Bruker BioSpin MRI GmbH
##OWNER=mri
$$ 2021-02-24 13:33:35.426 +0800  mri@CZC628941P
$$ /opt/PV6.0.1/data/mri/20210224_130018_2021_LJC_csfvolicity_iso_mouse05_1_1/5/pdata/1/reco
$$ process /opt/PV6.0.1/prog/bin/parxserver
##$RECO_mode=USER_MODE
##$RecoAutoDerive=No
##$RecoDim=2
##$RecoObjectsPerRepetition=2
##$RecoObjectsPerSetupStep=2
$$ @vis= RECO_mode RecoAutoDerive RecoDim RecoObjectsPerRepetition
##$RecoNumRepetitions=18
##$RECO_inp_order=NO_REORDERING
##$RECO_inp_size=( 2 )
200 200
$$ @vis= RecoObjectsPerSetupStep RecoNumRepetitions RECO_inp_order
##$RECO_ft_size=( 2 )
200 200
##$RECO_fov=( 2 )
1.6 1.6
##$RECO_size=( 2 )
200 200
##$RECO_offset=( 2, 2 )
0 0 0 0
##$RECO_regrid_mode=NO_REGRID
##$RECO_regrid_offset=0
##$RECO_ramp_gap=0
##$RECO_ramp_time=0
##$RECO_ne_mode=NO_NAV_DATA
##$RECO_ne_dist=NeNoInterleave
##$RECO_ne_dens=NeCorrPerScan
##$RECO_ne_type=NAV_PHASE
##$RECO_bc_mode=( 2 )
NO_BC NO_BC
##$RECO_bc_start=( 2 )
150 150
##$RECO_bc_len=( 2 )
50 50
##$RECO_dc_offset=( 2 )
0 0
##$RECO_dc_divisor=1
##$RECO_bc_coroff=( 2 )
0 0
##$RECO_qopts=( 2 )
COMPLEX_CONJUGATE NO_QOPTS
##$RECO_wdw_mode=( 2 )
NO_WDW NO_WDW
$$ @vis= RECO_inp_size RECO_ft_size RECO_fov RECO_size RECO_ne_mode
##$RECO_lb=( 2 )
-0.5 -0.5
##$RECO_sw=( 2 )
100000 1
##$RECO_gb=( 2 )
0.5 0.5
##$RECO_sbs=( 2 )
1 1
##$RECO_tm1=( 2 )
0.25 0.25
##$RECO_tm2=( 2 )
0.75 0.75
##$RECO_ft_mode=( 2 )
COMPLEX_FT COMPLEX_FT
##$RECO_pc_mode=( 2 )
FIRST_ORDER_PC FIRST_ORDER_PC
##$RECO_pc_lin=( 2 )
(0, 180) (0, 180)
##$RECO_rotate=( 2, 2 )
0.5 0.5 0.322944375 0.322944375
##$RECO_ppc_mode=NO_PPC
##$RECO_ref_image=0
##$RECO_nr_supports=0.4
##$RECO_sig_threshold=0.15
##$RECO_ppc_degree=1
##$RECO_ppc_coeffs=( 2, 2, 2 )
0 0 0 0 0 0 0 0
##$RECO_dc_elim=Yes
##$RECO_transposition=( 2 )
0 0
$$ @vis= RECO_wdw_mode RECO_ft_mode RECO_pc_mode RECO_pc_lin RECO_rotate
##$RECO_image_type=PHASE_IMAGE
##$RECO_image_threshold=0.15
##$RECO_ir_scale=10
##$RECO_wordtype=_16BIT_SGN_INT
$$ @vis= RECO_transposition RECO_image_type RECO_image_threshold
##$RECO_map_mode=USER_RANGE_MAPPING
##$RECO_map_range=( 2 )
-0.15 0.15
##$RECO_map_percentile=( 2 )
1 99.99
##$RECO_map_error=0.0025
##$RECO_globex=( 36 )
0 0 0 0 0 0 0 0 0 0 0 0 0 0 0 0 0 0 0 0 0 0 0 0 0 0 0 0 0 0 0 0 0 0 0 0
##$RECO_minima=( 36 )
-32752.0829730447 -32764.9707998663 -32760.9479996304 -32764.4326116583 
-32760.2329678485 -32765.0056002425 -32764.8053606703 -32766.0013658836 
-32765.1061524707 -32766.1028145718 -32764.0745366002 -32759.7198488971 
-32762.4546805249 -32763.5547690404 -32764.223646948 -32764.5813316442 
-32757.3964816486 -32762.2490168691 -32765.5398616254 -32765.4811623653 
-32759.1658007792 -32757.3158658987 -32765.5910773816 -32763.7753742984 
-32763.9028894381 -32763.2381017968 -32765.2001888505 -32734.4545063873 
-32763.1966244137 -32765.0225124588 -32763.5120235254 -32765.2414591222 
-32762.7085620667 -32749.9968097961 -32765.7367047887 -32766.1598823578
##$RECO_maxima=( 36 )
32763.9106597717 32764.2368006089 32753.275056009 32760.6722190843 
32761.5340311384 32764.4449756121 32760.8626476046 32763.8746847153 
32761.1158309877 32765.1039215418 32763.8195134569 32765.7320058947 
32765.3464124998 32763.7609968486 32766.0436841074 32764.2815149773 
32765.077245993 32760.1324569166 32765.8951150369 32765.1611070899 
32754.0357754983 32762.2155203789 32765.0509827373 32759.2161512067 
32724.5167421234 32758.3543141084 32763.2215866134 32745.5712299224 
32761.0726857172 32759.6461438399 32764.7941982074 32749.1312957824 
32751.4034370129 32763.4148163592 32763.1734608432 32764.2067788594
##$RECO_map_min=( 36 )
-0.150000000000229 -0.150000000000229 -0.150000000000229 -0.150000000000229 
-0.150000000000229 -0.150000000000229 -0.150000000000229 -0.150000000000229 
-0.150000000000229 -0.150000000000229 -0.150000000000229 -0.150000000000229 
-0.150000000000229 -0.150000000000229 -0.150000000000229 -0.150000000000229 
-0.150000000000229 -0.150000000000229 -0.150000000000229 -0.150000000000229 
-0.150000000000229 -0.150000000000229 -0.150000000000229 -0.150000000000229 
-0.150000000000229 -0.150000000000229 -0.150000000000229 -0.150000000000229 
-0.150000000000229 -0.150000000000229 -0.150000000000229 -0.150000000000229 
-0.150000000000229 -0.150000000000229 -0.150000000000229 -0.150000000000229
##$RECO_map_max=( 36 )
0.150000000000229 0.150000000000229 0.150000000000229 0.150000000000229 
0.150000000000229 0.150000000000229 0.150000000000229 0.150000000000229 
0.150000000000229 0.150000000000229 0.150000000000229 0.150000000000229 
0.150000000000229 0.150000000000229 0.150000000000229 0.150000000000229 
0.150000000000229 0.150000000000229 0.150000000000229 0.150000000000229 
0.150000000000229 0.150000000000229 0.150000000000229 0.150000000000229 
0.150000000000229 0.150000000000229 0.150000000000229 0.150000000000229 
0.150000000000229 0.150000000000229 0.150000000000229 0.150000000000229 
0.150000000000229 0.150000000000229 0.150000000000229 0.150000000000229
##$RECO_map_offset=( 36 )
-0 -0 -0 -0 -0 -0 -0 -0 -0 -0 -0 -0 -0 -0 -0 -0 -0 -0 -0 -0 -0 -0 -0 -0 -0 -0 
-0 -0 -0 -0 -0 -0 -0 -0 -0 -0
##$RECO_map_slope=( 36 )
218443.333333 218443.333333 218443.333333 218443.333333 218443.333333 
218443.333333 218443.333333 218443.333333 218443.333333 218443.333333 
218443.333333 218443.333333 218443.333333 218443.333333 218443.333333 
218443.333333 218443.333333 218443.333333 218443.333333 218443.333333 
218443.333333 218443.333333 218443.333333 218443.333333 218443.333333 
218443.333333 218443.333333 218443.333333 218443.333333 218443.333333 
218443.333333 218443.333333 218443.333333 218443.333333 218443.333333 
218443.333333
##$RECO_byte_order=littleEndian
##$RECO_time=<2021-02-24T13:33:35,423+0800>
##$RECO_abs_time=(1614144815, 423, 480)
##$RECO_base_image_uid=( 65 )
<2.16.756.5.5.100.8323328.3641.1614144815.1>
##$RecoUserUpdate=Yes
$$ @vis= RECO_wordtype RECO_map_mode RECO_map_range RECO_byte_order
##$RecoReverseSegment=0
##$RecoB0DemodOff=0
##$RecoB0DemodDelay=0
##$RecoFTOrder=( 2 )
0 1
##$RecoHalfFT=( 2 )
No No
##$RecoHalfFTPos=( 2 )
100 100
$$ @vis= RecoUserUpdate RecoB0DemodOff RecoWindow RecoFTOrder RecoHalfFT
##$RecoCorrPhase=RecoCorrPhaseOff
##$RecoCorrPhaseRef=-1
##$RECO_map_user_slope=1
##$RECO_map_user_offset=0
##$RecoNumInputChan=4
$$ @vis= RecoHalfFTPos RecoCorrPhase RecoCorrPhaseRef RecoMap
##$RecoScaleChan=( 4 )
1 0.994 0.742 0.735
##$RecoPhaseChan=( 4 )
0 0 0 0
##$RecoCombineMode=AddImages
##$RecoSortDim=2
$$ @vis= RecoNumInputChan RecoScaleChan RecoPhaseChan RecoCombineMode
##$RecoSortSize=( 2 )
200 4
##$RecoSortRange=( 2 )
200 4
##$RecoSortSegment=( 2 )
1 0
##$RecoSortMaps=( 204 )
0 1 2 3 4 5 6 7 8 9 10 11 12 13 14 15 16 17 18 19 20 21 22 23 24 25 26 27 28 
29 30 31 32 33 34 35 36 37 38 39 40 41 42 43 44 45 46 47 48 49 50 51 52 53 54 
55 56 57 58 59 60 61 62 63 64 65 66 67 68 69 70 71 72 73 74 75 76 77 78 79 80 
81 82 83 84 85 86 87 88 89 90 91 92 93 94 95 96 97 98 99 100 101 102 103 104 
105 106 107 108 109 110 111 112 113 114 115 116 117 118 119 120 121 122 123 
124 125 126 127 128 129 130 131 132 133 134 135 136 137 138 139 140 141 142 
143 144 145 146 147 148 149 150 151 152 153 154 155 156 157 158 159 160 161 
162 163 164 165 166 167 168 169 170 171 172 173 174 175 176 177 178 179 180 
181 182 183 184 185 186 187 188 189 190 191 192 193 194 195 196 197 198 199 0 
1 2 3
$$ @vis= RecoSortDim RecoSortSize RecoSortRange RecoSortSegment RecoSortMaps
##$RecoGrappaAccelFactor=1
##$RecoGrappaKernelRead=0
##$RecoGrappaKernelPhase=0
##$RecoGrappaNumRefRead=0
##$RecoGrappaNumRefPhase=0
##$RecoGrappaIncludeRefLines=Yes
##$RecoGrappaReadCenter=0
##$RecoGrappaPhaseCenter=0
##$RecoGrappaTruncThresh=-1
##$RecoRegridN=Off
$$ @vis= RecoSortGroup RecoGrappaAccelFactor RecoGrappaGroup RecoRegridN
##$RecoStageNrPasses=4
##$RecoStagePasses=( 4 )
(<FIRSTPASS>, 0) (<FTPASS1>, 1) (<PREPPASS>, 2) (<MAPPASS>, 3)
##$RecoStageNrNodes=86
##$RecoStageNodes=( 86 )
(<merge>, 0, <RecoQueueSource 
Source0{queueId=0;nr=1;procDim=1;dim=2;sizes={400,14400}
;baseField=REAL;verbose=false;initOnce=true}>) (<merge>, 0, <RecoQueueSource 
Source1{queueId=1;nr=1;procDim=1;dim=2;sizes={400,14400}
;baseField=REAL;verbose=false;initOnce=true}>) (<merge>, 0, <RecoQueueSource 
Source2{queueId=2;nr=1;procDim=1;dim=2;sizes={400,14400}
;baseField=REAL;verbose=false;initOnce=true}>) (<merge>, 0, <RecoQueueSource 
Source3{queueId=3;nr=1;procDim=1;dim=2;sizes={400,14400}
;baseField=REAL;verbose=false;initOnce=true}>) (<merge>, 0, 
<RecoCombineFilter Combine{verbose=false;dim=1}>) (<merge>, 0, <RecoQueueSink 
Sink{verbose=false;initOnce=true;}>) (<input>, 0, <RecoFileSource 
Q{numChan=4;byteOrder=\<BYTORDA\>;contData=false;initFromACQP=true;}>) 
(<input>, 0, <RecoQueueSink S{initQueue=true;initOnce=true;}>) (<compute>, 0, 
<RecoQueueSource Q0{initFromACQP=true;initOnce=true;}>) (<compute>, 0, 
<RecoBufferSink S0{procDim=1;frameDim=2;bufferId="FIRSTPASS0";memId="out0"}>) 
(<compute>, 0, <RecoBufferSink 
S1{procDim=1;frameDim=2;bufferId="FIRSTPASS1";memId="out1"}>) (<compute>, 0, 
<RecoBufferSink S2{procDim=1;frameDim=2;bufferId="FIRSTPASS2";memId="out2"}>) 
(<compute>, 0, <RecoBufferSink 
S3{procDim=1;frameDim=2;bufferId="FIRSTPASS3";memId="out3"}>) (<compute>, 0, 
<RecoSplitFilter SP0{dim=1; keepBlocksize=1}>) (<compute>, 0, <RecoCastFilter 
CAST0{dataRep=FLOAT; wordSize=8}>) (<compute>, 0, <RecoFTShiftFilter 
FTS0{frameDim=2; winDirection=0; shift=\<RECO_rotate[0]\>; exponent=1}>) 
(<compute>, 0, <RecoFTFilter FT0{direction=0; exponent=1}>) (<compute>, 0, 
<RecoSortFilter REORD0{sortDim=\<RecoSortDim\>; sortSize=\<RecoSortSize\>; 
sortRange=\<RecoSortRange\>; sortSegment=\<RecoSortSegment\>; 
sortMaps=\<RecoSortMaps\>; frameDim = 2}>) (<compute>, 0, <RecoCastFilter 
CAST1{dataRep=FLOAT; wordSize=8}>) (<compute>, 0, <RecoFTShiftFilter 
FTS1{frameDim=2; winDirection=0; shift=\<RECO_rotate[0]\>; exponent=1}>) 
(<compute>, 0, <RecoFTFilter FT1{direction=0; exponent=1}>) (<compute>, 0, 
<RecoSortFilter REORD1{sortDim=\<RecoSortDim\>; sortSize=\<RecoSortSize\>; 
sortRange=\<RecoSortRange\>; sortSegment=\<RecoSortSegment\>; 
sortMaps=\<RecoSortMaps\>; frameDim = 2}>) (<compute>, 0, <RecoCastFilter 
CAST2{dataRep=FLOAT; wordSize=8}>) (<compute>, 0, <RecoFTShiftFilter 
FTS2{frameDim=2; winDirection=0; shift=\<RECO_rotate[0]\>; exponent=1}>) 
(<compute>, 0, <RecoFTFilter FT2{direction=0; exponent=1}>) (<compute>, 0, 
<RecoSortFilter REORD2{sortDim=\<RecoSortDim\>; sortSize=\<RecoSortSize\>; 
sortRange=\<RecoSortRange\>; sortSegment=\<RecoSortSegment\>; 
sortMaps=\<RecoSortMaps\>; frameDim = 2}>) (<compute>, 0, <RecoCastFilter 
CAST3{dataRep=FLOAT; wordSize=8}>) (<compute>, 0, <RecoFTShiftFilter 
FTS3{frameDim=2; winDirection=0; shift=\<RECO_rotate[0]\>; exponent=1}>) 
(<compute>, 0, <RecoFTFilter FT3{direction=0; exponent=1}>) (<compute>, 0, 
<RecoSortFilter REORD3{sortDim=\<RecoSortDim\>; sortSize=\<RecoSortSize\>; 
sortRange=\<RecoSortRange\>; sortSegment=\<RecoSortSegment\>; 
sortMaps=\<RecoSortMaps\>; frameDim = 2}>) (<compute>, 1, <RecoBufferSource 
Q0{procDim=1;frameDim=2;bufferId="FIRSTPASS0";memId="out0"}>) (<compute>, 1, 
<RecoBufferSource Q1{procDim=1;frameDim=2;bufferId="FIRSTPASS1";memId="out1"}>
) (<compute>, 1, <RecoBufferSource 
Q2{procDim=1;frameDim=2;bufferId="FIRSTPASS2";memId="out2"}>) (<compute>, 1, 
<RecoBufferSource Q3{procDim=1;frameDim=2;bufferId="FIRSTPASS3";memId="out3"}>
) (<compute>, 1, <RecoBufferSink 
S0{procDim=1;frameDim=2;bufferId="FTPASS10";memId="in0"}>) (<compute>, 1, 
<RecoBufferSink S1{procDim=1;frameDim=2;bufferId="FTPASS11";memId="in1"}>) 
(<compute>, 1, <RecoBufferSink 
S2{procDim=1;frameDim=2;bufferId="FTPASS12";memId="in2"}>) (<compute>, 1, 
<RecoBufferSink S3{procDim=1;frameDim=2;bufferId="FTPASS13";memId="in3"}>) 
(<compute>, 1, <RecoFTShiftFilter FTS0{frameDim=2; winDirection=1; 
shift=\<RECO_rotate[1]\>; exponent=1}>) (<compute>, 1, <RecoFTFilter 
FT0{direction=1;exponent=1;}>) (<compute>, 1, <RecoFTShiftFilter 
FTS1{frameDim=2; winDirection=1; shift=\<RECO_rotate[1]\>; exponent=1}>) 
(<compute>, 1, <RecoFTFilter FT1{direction=1;exponent=1;}>) (<compute>, 1, 
<RecoFTShiftFilter FTS2{frameDim=2; winDirection=1; shift=\<RECO_rotate[1]\>; 
exponent=1}>) (<compute>, 1, <RecoFTFilter FT2{direction=1;exponent=1;}>) 
(<compute>, 1, <RecoFTShiftFilter FTS3{frameDim=2; winDirection=1; 
shift=\<RECO_rotate[1]\>; exponent=1}>) (<compute>, 1, <RecoFTFilter 
FT3{direction=1;exponent=1;}>) (<compute>, 2, <RecoBufferSource 
Q0{procDim=2;frameDim=2;bufferId="FTPASS10";memId="in0"}>) (<compute>, 2, 
<RecoBufferSource Q1{procDim=2;frameDim=2;bufferId="FTPASS11";memId="in1"}>) 
(<compute>, 2, <RecoBufferSource 
Q2{procDim=2;frameDim=2;bufferId="FTPASS12";memId="in2"}>) (<compute>, 2, 
<RecoBufferSource Q3{procDim=2;frameDim=2;bufferId="FTPASS13";memId="in3"}>) 
(<compute>, 2, <RecoBufferSink 
S0{procDim=2;frameDim=2;bufferId="PREPPASS0";memId="out0"}>) (<compute>, 2, 
<RecoPhasCorrFilter PHCORR00{winDirection=0; ph0=0.000000; ph1=180.000000}>) 
(<compute>, 2, <RecoPhasCorrFilter PHCORR01{winDirection=0; ph0=0.000000; 
ph1=180.000000}>) (<compute>, 2, <RecoPhasCorrFilter PHCORR02{winDirection=0; 
ph0=0.000000; ph1=180.000000}>) (<compute>, 2, <RecoPhasCorrFilter 
PHCORR03{winDirection=0; ph0=0.000000; ph1=180.000000}>) (<compute>, 2, 
<RecoPhasCorrFilter PHCORR10{winDirection=1; ph0=0.000000; ph1=180.000000}>) 
(<compute>, 2, <RecoPhasCorrFilter PHCORR11{winDirection=1; ph0=0.000000; 
ph1=180.000000}>) (<compute>, 2, <RecoPhasCorrFilter PHCORR12{winDirection=1; 
ph0=0.000000; ph1=180.000000}>) (<compute>, 2, <RecoPhasCorrFilter 
PHCORR13{winDirection=1; ph0=0.000000; ph1=180.000000}>) (<compute>, 2, 
<RecoScaleFilter SCALE0{scaleFactor=\<RecoScaleChan[0]\>; 
phaseOffset=\<RecoPhaseChan[0]\>}>) (<compute>, 2, <RecoScaleFilter 
SCALE1{scaleFactor=\<RecoScaleChan[1]\>; phaseOffset=\<RecoPhaseChan[1]\>}>) 
(<compute>, 2, <RecoScaleFilter SCALE2{scaleFactor=\<RecoScaleChan[2]\>; 
phaseOffset=\<RecoPhaseChan[2]\>}>) (<compute>, 2, <RecoScaleFilter 
SCALE3{scaleFactor=\<RecoScaleChan[3]\>; phaseOffset=\<RecoPhaseChan[3]\>}>) 
(<compute>, 2, <RecoAddFilter SOS0>) (<compute>, 2, <RecoMinMaxFilter 
M0{map_min=\<RECO_map_min\>;map_max=\<RECO_map_max\>;}>) (<compute>, 3, 
<RecoBufferSource Q0{procDim=2;frameDim=2;bufferId="PREPPASS0";memId="out0"}>)
 (<compute>, 3, <RecoQueueSink S0>) (<compute>, 3, <RecoMapFilter 
MAP0{symmetricMode=true;minima=\<RECO_minima\>;maxima=\<RECO_maxima\>;slope=\<RECO_map_slope\>;offset=\<RECO_map_offset\>;map_min=\<RECO_map_min\>;map_max=\<RECO_map_max\>;rangeMin=-32766.500000;rangeMax=32766.500000;cutoffMode=true;perObjectMode=false;defaultSlope=218443.333333;defaultOffset=-0.000000;}>) (<compute>, 3, <RecoCastFilter CAST0{dataRep=SIGNED;wordSize=2}>) (<output>, 3, <RecoQueueSource Q{procDim=2;initFromRECO=true;initOnce=true;}>) (<output>, 3, <RecoImageDisplayFilter DISP{showAll=true;}>) (<output>, 3, <RecoFileSink S{writePars=true;shuffle=false;filename="2dseq";numChans=1;}>) (<compute>, 2, <RecoSplitFilter SP0{keepBlocksize=true}>) (<compute>, 2, <RecoSplitFilter SP1{keepBlocksize=true}>) (<compute>, 2, <RecoSplitFilter SP2{keepBlocksize=true}>) (<compute>, 2, <RecoSplitFilter SP3{keepBlocksize=true}>) (<compute>, 2, <RecoMultFilter MUL0>) (<compute>, 2, <RecoConjQnegFilter CON0{direction=0;conjugate=true;negate=false}>) (<compute>, 2, <RecoMultFilter MUL1>) (<compute>, 2, <RecoConjQnegFilter CON1{direction=0;conjugate=true;negate=false}>) (<compute>, 2, <RecoMultFilter MUL2>) (<compute>, 2, <RecoConjQnegFilter CON2{direction=0;conjugate=true;negate=false}>) (<compute>, 2, <RecoMultFilter MUL3>) (<compute>, 2, <RecoConjQnegFilter CON3{direction=0;conjugate=true;negate=false}>) (<compute>, 2, <RecoPhaseFilter PHASE0{relativeNoise=0.050000}>) (<compute>, 2, <RecoScaleFilter SCL0{scaleFactor=0.047746}>)
$$ @vis= RecoRegridNGroup RecoStageNrPasses RecoStagePasses RecoStageNrNodes
##$RecoStageNrEdges=80
##$RecoStageEdges=( 80 )
(<merge>, 0, <Source0-\>Combine>) (<merge>, 0, <Source1-\>Combine>) (<merge>, 
0, <Source2-\>Combine>) (<merge>, 0, <Source3-\>Combine>) (<merge>, 0, 
<Combine-\>Sink>) (<input>, 0, <Q-\>S>) (<compute>, 0, <Q0-\>SP0>) (<compute>,
 0, <SP0-\>CAST0>) (<compute>, 0, <SP0-\>CAST1>) (<compute>, 0, <SP0-\>CAST2>)
 (<compute>, 0, <SP0-\>CAST3>) (<compute>, 0, <CAST0-\>FTS0>) (<compute>, 0, 
<FTS0-\>FT0>) (<compute>, 0, <FT0-\>REORD0>) (<compute>, 0, <REORD0-\>S0>) 
(<compute>, 0, <CAST1-\>FTS1>) (<compute>, 0, <FTS1-\>FT1>) (<compute>, 0, 
<FT1-\>REORD1>) (<compute>, 0, <REORD1-\>S1>) (<compute>, 0, <CAST2-\>FTS2>) 
(<compute>, 0, <FTS2-\>FT2>) (<compute>, 0, <FT2-\>REORD2>) (<compute>, 0, 
<REORD2-\>S2>) (<compute>, 0, <CAST3-\>FTS3>) (<compute>, 0, <FTS3-\>FT3>) 
(<compute>, 0, <FT3-\>REORD3>) (<compute>, 0, <REORD3-\>S3>) (<compute>, 1, 
<Q0-\>FTS0>) (<compute>, 1, <Q1-\>FTS1>) (<compute>, 1, <Q2-\>FTS2>) 
(<compute>, 1, <Q3-\>FTS3>) (<compute>, 1, <FTS0-\>FT0>) (<compute>, 1, 
<FT0-\>S0>) (<compute>, 1, <FTS1-\>FT1>) (<compute>, 1, <FT1-\>S1>) (<compute>
, 1, <FTS2-\>FT2>) (<compute>, 1, <FT2-\>S2>) (<compute>, 1, <FTS3-\>FT3>) 
(<compute>, 1, <FT3-\>S3>) (<compute>, 2, <Q0-\>PHCORR00>) (<compute>, 2, 
<Q1-\>PHCORR01>) (<compute>, 2, <Q2-\>PHCORR02>) (<compute>, 2, 
<Q3-\>PHCORR03>) (<compute>, 2, <PHCORR00-\>PHCORR10>) (<compute>, 2, 
<PHCORR01-\>PHCORR11>) (<compute>, 2, <PHCORR02-\>PHCORR12>) (<compute>, 2, 
<PHCORR03-\>PHCORR13>) (<compute>, 2, <PHCORR10-\>SCALE0>) (<compute>, 2, 
<PHCORR11-\>SCALE1>) (<compute>, 2, <PHCORR12-\>SCALE2>) (<compute>, 2, 
<PHCORR13-\>SCALE3>) (<compute>, 2, <SCALE0-\>SP0>) (<compute>, 2, 
<SCALE1-\>SP1>) (<compute>, 2, <SCALE2-\>SP2>) (<compute>, 2, <SCALE3-\>SP3>) 
(<compute>, 2, <M0-\>S0>) (<compute>, 3, <Q0-\>MAP0>) (<compute>, 3, 
<MAP0-\>CAST0>) (<compute>, 3, <CAST0-\>S0>) (<output>, 3, <Q-\>DISP>) 
(<output>, 3, <DISP-\>S>) (<compute>, 2, <MUL0-\>SOS0.0>) (<compute>, 2, 
<MUL1-\>SOS0.1>) (<compute>, 2, <MUL2-\>SOS0.2>) (<compute>, 2, 
<MUL3-\>SOS0.3>) (<compute>, 2, <SCL0-\>M0>) (<compute>, 2, <SP0-\>MUL0>) 
(<compute>, 2, <SP0-\>CON0>) (<compute>, 2, <CON0-\>MUL0>) (<compute>, 2, 
<SP1-\>MUL1>) (<compute>, 2, <SP1-\>CON1>) (<compute>, 2, <CON1-\>MUL1>) 
(<compute>, 2, <SP2-\>MUL2>) (<compute>, 2, <SP2-\>CON2>) (<compute>, 2, 
<CON2-\>MUL2>) (<compute>, 2, <SP3-\>MUL3>) (<compute>, 2, <SP3-\>CON3>) 
(<compute>, 2, <CON3-\>MUL3>) (<compute>, 2, <SOS0-\>PHASE0>) (<compute>, 2, 
<PHASE0-\>SCL0>)
$$ @vis= RecoStageNodes RecoStageNrEdges RecoStageEdges RecoStageGroup
##$GS_reco_display=Yes
##$GO_reco_display=Yes
##$GO_reco_each_nr=No
##$GO_max_reco_mem=0
$$ @vis= RecoModeUser GS_reco_display RECO_GS GO_reco_display GO_reco_each_nr
##$RecoPrototype=No
$$ @vis= GO_max_reco_mem RECO_GO RecoPrototype RECO
##END=
$$ File finished by PARX at 2021-02-24 13:33:35.426 +0800
